PATH
  remote: .
  specs:
    ember-docs (0.1)
      rack
      thor

GEM
  remote: http://rubygems.org/
  specs:
    rack (1.3.5)
    thor (0.14.6)

PLATFORMS
  ruby

DEPENDENCIES
  ember-docs!
